GIT
  remote: https://github.com/wili3/github_uploader.git
  revision: bb4013b7db380873c84a7aab10a0aeab41216a56
  specs:
    github_uploader (0.1.1)

GEM
  specs:

PLATFORMS
  ruby

DEPENDENCIES
  github_uploader!
